GEM
  remote: http://rubygems.org/
  remote: http://gems.github.com/
  specs:
    actionmailer (2.3.5)
      actionpack (= 2.3.5)
    actionpack (2.3.5)
      activesupport (= 2.3.5)
      rack (~> 1.0.0)
    activerecord (2.3.5)
      activesupport (= 2.3.5)
    activeresource (2.3.5)
      activesupport (= 2.3.5)
    activesupport (2.3.5)
    after_commit (1.0.8)
      activerecord (< 3.0.0)
    amatch (0.2.3)
    aws-s3 (0.6.2)
      builder
      mime-types
      xml-simple
    builder (2.1.2)
    capistrano (2.5.19)
      highline
      net-scp (>= 1.0.0)
      net-sftp (>= 2.0.0)
      net-ssh (>= 2.0.14)
      net-ssh-gateway (>= 1.0.0)
    cgi_multipart_eof_fix (2.5.0)
    chriseppstein-compass (0.8.8)
      haml (>= 2.2.0)
    chronic (0.2.3)
      hoe (>= 1.2.1)
    curb (0.4.4.0)
    daemons (1.1.0)
    fastercsv (1.4.0)
    fastthread (1.0.7)
    gem_plugin (0.2.3)
    geokit (1.4.1)
    haml (2.2.14)
    highline (1.6.1)
    hoe (2.6.2)
      rake (>= 0.8.7)
      rubyforge (>= 2.0.4)
    hoptoad_notifier (2.1.3)
      activesupport
    json (1.4.6)
    json_pure (1.4.6)
    mime-types (1.16)
    mislav-will_paginate (2.3.11)
    mongrel (1.1.5)
      cgi_multipart_eof_fix (>= 2.4)
      daemons (>= 1.0.3)
      fastthread (>= 1.0.1)
      gem_plugin (>= 0.2.3)
    mysql (2.7)
    net-scp (1.0.3)
      net-ssh (>= 1.99.1)
    net-sftp (2.0.5)
      net-ssh (>= 2.0.9)
    net-ssh (2.0.23)
    net-ssh-gateway (1.0.1)
      net-ssh (>= 1.99.1)
    nokogiri (1.3.2)
    paperclip (2.3.1.1)
    patron (0.4.2)
    proj4rb (0.3.1)
    rack (1.0.1)
    rails (2.3.5)
      actionmailer (= 2.3.5)
      actionpack (= 2.3.5)
      activerecord (= 2.3.5)
      activeresource (= 2.3.5)
      activesupport (= 2.3.5)
      rake (>= 0.8.3)
    rails-footnotes (3.6.7)
    rake (0.8.7)
    region_extractor (0.0.1)
      proj4rb (>= 0.3.1)
    riddle (1.1.0)
    rubyforge (2.0.4)
      json_pure (>= 1.1.7)
    rubyzip (0.9.1)
    stevedore (0.0.1)
      activesupport
    sunlight (1.0.7)
      json (>= 1.1.3)
      ym4r (>= 0.6.1)
    thinking-sphinx (1.3.14)
      activerecord (>= 1.15.6)
      after_commit (>= 1.0.5)
      riddle (>= 1.0.8)
    thunder_punch (0.0.10)
      capistrano (>= 2.5.5)
    xml-simple (1.0.12)
    ym4r (0.6.1)
    zilkey-active_api (0.2.0)
      activesupport (>= 2.3.2)
      nokogiri (>= 1.3.2)

PLATFORMS
  ruby

DEPENDENCIES
  amatch (= 0.2.3)
  aws-s3 (= 0.6.2)
  chriseppstein-compass (= 0.8.8)
  chronic (= 0.2.3)
  curb (= 0.4.4.0)
  fastercsv (= 1.4.0)
  geokit (= 1.4.1)
  haml (= 2.2.14)
  hoptoad_notifier (= 2.1.3)
  json
  mislav-will_paginate (= 2.3.11)
  mongrel
  mysql (= 2.7)
  nokogiri (= 1.3.2)
  paperclip (= 2.3.1.1)
  patron (= 0.4.2)
  rack (= 1.0.1)
  rails (= 2.3.5)
  rails-footnotes
  region_extractor (= 0.0.1)
  rubyzip (= 0.9.1)
  stevedore (= 0.0.1)
  sunlight (= 1.0.7)
  thinking-sphinx (= 1.3.14)
  thunder_punch (= 0.0.10)
  ym4r (= 0.6.1)
  zilkey-active_api (= 0.2.0)
